GEM
  remote: http://rubygems.org/
  specs:
    atomutil (0.1.3)
    rack (1.6.12)
    rack-protection (1.4.0)
      rack
    sinatra (1.3.5)
      rack (~> 1.4)
      rack-protection (~> 1.3)
      tilt (~> 1.3, >= 1.3.3)
    tilt (1.3.5)

PLATFORMS
  ruby

DEPENDENCIES
  atomutil
  sinatra
